GEM
  remote: https://rubygems.org/
  specs:
    ansi (1.5.0)
    builder (3.2.2)
    coderay (1.1.0)
    github-markup (1.3.1)
      posix-spawn (~> 0.3.8)
    method_source (0.8.2)
    minitest (5.8.0)
    minitest-reporters (1.1.5)
      ansi
      builder
      minitest (>= 5.0)
      ruby-progressbar
    posix-spawn (0.3.9)
    pry (0.10.3)
      coderay (~> 1.1.0)
      method_source (~> 0.8.1)
      slop (~> 3.4)
    rake (10.4.2)
    redcarpet (3.2.2)
    ruby-progressbar (1.7.5)
    slop (3.6.0)
    yard (0.8.7.6)

PLATFORMS
  ruby
  x86-mingw32

DEPENDENCIES
  github-markup (= 1.3.1)
  minitest (= 5.8.0)
  minitest-reporters (= 1.1.5)
  pry (= 0.10.3)
  rake
  redcarpet (= 3.2.2)
  yard (= 0.8.7.6)

BUNDLED WITH
   1.10.6
