GIT
  remote: https://github.com/mbrand12/t10-dungeon.git
  revision: f0e7023d44c31f9b3016093dc535c0790f5977cc
  branch: develop
  specs:
    t10-dungeon (0.1.0)

GEM
  remote: https://rubygems.org/
  specs:
    ansi (1.5.0)
    builder (3.2.2)
    coderay (1.1.0)
    cucumber (2.1.0)
      builder (>= 2.1.2)
      cucumber-core (~> 1.3.0)
      diff-lcs (>= 1.1.3)
      gherkin3 (~> 3.1.0)
      multi_json (>= 1.7.5, < 2.0)
      multi_test (>= 0.1.2)
    cucumber-core (1.3.0)
      gherkin3 (~> 3.1.0)
    diff-lcs (1.2.5)
    docile (1.1.5)
    gherkin3 (3.1.2)
    github-markup (1.3.1)
      posix-spawn (~> 0.3.8)
    json (1.8.3)
    method_source (0.8.2)
    minitest (5.8.0)
    minitest-reporters (1.1.5)
      ansi
      builder
      minitest (>= 5.0)
      ruby-progressbar
    multi_json (1.11.2)
    multi_test (0.1.2)
    posix-spawn (0.3.11)
    pry (0.10.3)
      coderay (~> 1.1.0)
      method_source (~> 0.8.1)
      slop (~> 3.4)
    rake (10.4.2)
    redcarpet (3.2.2)
    ruby-progressbar (1.7.5)
    simplecov (0.11.1)
      docile (~> 1.1.0)
      json (~> 1.8)
      simplecov-html (~> 0.10.0)
    simplecov-html (0.10.0)
    slop (3.6.0)
    yard (0.8.7.6)

PLATFORMS
  ruby
  x86-mingw32

DEPENDENCIES
  cucumber (= 2.1.0)
  github-markup (= 1.3.1)
  minitest (= 5.8.0)
  minitest-reporters (= 1.1.5)
  pry (= 0.10.3)
  rake
  redcarpet (= 3.2.2)
  simplecov (= 0.11.1)
  t10-dungeon!
  yard (= 0.8.7.6)

BUNDLED WITH
   1.10.6
